GIT
  remote: https://github.com/alloy/peiji-san.git
  revision: eca485d8dc95f12aaec1a434b49d295c7e91844b
  specs:
    peiji-san (1.2.0)

GEM
  remote: https://rubygems.org/
  specs:
    activesupport (6.1.4.1)
      concurrent-ruby (~> 1.0, >= 1.0.2)
      i18n (>= 1.6, < 2)
      minitest (>= 5.1)
      tzinfo (~> 2.0)
      zeitwerk (~> 2.3)
    addressable (2.8.0)
      public_suffix (>= 2.0.2, < 5.0)
    algoliasearch (1.27.5)
      httpclient (~> 2.8, >= 2.8.3)
      json (>= 1.5.1)
    ast (2.2.0)
    astrolabe (1.3.1)
      parser (~> 2.2)
    backports (3.6.0)
    bacon (1.2.0)
    cocoapods-core (1.11.0)
      activesupport (>= 5.0, < 7)
      addressable (~> 2.8)
      algoliasearch (~> 1.0)
      concurrent-ruby (~> 1.1)
      fuzzy_match (~> 2.0.4)
      nap (~> 1.0)
      netrc (~> 0.11)
      public_suffix (~> 4.0)
      typhoeus (~> 1.0)
    coderay (1.1.1)
    concurrent-ruby (1.1.9)
    daemons (1.1.9)
    dalli (2.7.5)
    dotenv (0.7.0)
    erubis (2.7.0)
    ethon (0.14.0)
      ffi (>= 1.15.0)
    eventmachine (1.2.7)
    ffi (1.15.3)
    foreman (0.67.0)
      dotenv (~> 0.7.0)
      thor (~> 0.17.0)
    fuzzy_match (2.0.4)
    httpclient (2.8.3)
    i18n (1.8.10)
      concurrent-ruby (~> 1.0)
    json (1.8.6)
    kicker (3.0.0)
      listen (~> 1.3.0)
      notify (~> 0.5.2)
    listen (1.3.1)
      rb-fsevent (>= 0.9.3)
      rb-inotify (>= 0.9)
      rb-kqueue (>= 0.2)
    mail (2.5.4)
      mime-types (~> 1.16)
      treetop (~> 1.4.8)
    metaclass (0.0.4)
    method_source (0.8.2)
    mime-types (1.25.1)
    mini_portile2 (2.3.0)
    minitest (5.14.4)
    mocha (1.1.0)
      metaclass (~> 0.0.1)
    mocha-on-bacon (0.2.2)
      mocha (>= 0.13.0)
    multi_json (1.10.1)
    nap (1.1.0)
    netrc (0.11.0)
    newrelic_rpm (3.8.1.221)
    nokogiri (1.8.4)
      mini_portile2 (~> 2.3.0)
    notify (0.5.2)
    parser (2.3.0.2)
      ast (~> 2.2)
    pg (0.17.1)
    polyglot (0.3.4)
    powerpack (0.1.1)
    prettybacon (0.0.2)
      bacon (~> 1.2)
    pry (0.10.4)
      coderay (~> 1.1.0)
      method_source (~> 0.8.1)
      slop (~> 3.4)
    public_suffix (4.0.6)
    rack (1.5.2)
    rack-attack (4.3.1)
      rack
    rack-protection (1.5.3)
      rack
    rack-ssl (1.4.1)
      rack
    rack-test (0.6.2)
      rack (>= 1.0)
    rainbow (2.1.0)
    rake (10.3.2)
    rb-fsevent (0.9.4)
    rb-inotify (0.9.4)
      ffi (>= 0.5.0)
    rb-kqueue (0.2.2)
      ffi (>= 0.5.0)
    rfc-822 (0.4.0)
    rubocop (0.34.2)
      astrolabe (~> 1.3)
      parser (>= 2.2.2.5, < 3.0)
      powerpack (~> 0.1)
      rainbow (>= 1.99.1, < 3.0)
      ruby-progressbar (~> 1.4)
    ruby-progressbar (1.7.5)
    rugged (0.19.0)
    saga (0.10.0)
      activesupport (>= 2.3)
      erubis (>= 2.6)
    sass (3.3.7)
    sequel (4.10.0)
    sinatra (1.4.5)
      rack (~> 1.4)
      rack-protection (~> 1.4)
      tilt (~> 1.3, >= 1.3.4)
    sinatra-contrib (1.4.2)
      backports (>= 2.0)
      multi_json
      rack-protection
      rack-test
      sinatra (~> 1.4.0)
      tilt (~> 1.3)
    sinatra-twitter-bootstrap (2.3.3)
    slim (1.3.9)
      temple (~> 0.6.3)
      tilt (~> 1.3, >= 1.3.3)
    slop (3.6.0)
    temple (0.6.7)
    terminal-table (1.4.5)
    thin (1.6.2)
      daemons (>= 1.0.9)
      eventmachine (>= 1.0.0)
      rack (>= 1.0.0)
    thor (0.17.0)
    tilt (1.4.1)
    tobias-sinatra-url-for (0.2.1)
      sinatra (>= 0.9.1.1)
    treetop (1.4.15)
      polyglot
      polyglot (>= 0.3.1)
    typhoeus (1.4.0)
      ethon (>= 0.9.0)
    tzinfo (2.0.4)
      concurrent-ruby (~> 1.0)
    zeitwerk (2.4.2)

PLATFORMS
  ruby

DEPENDENCIES
  bacon
  cocoapods-core (~> 1.0)
  dalli (~> 2.7.5)
  foreman
  json (~> 1.8)
  kicker
  mail
  mocha-on-bacon
  newrelic_rpm
  nokogiri
  peiji-san!
  pg
  prettybacon
  pry
  rack-attack (~> 4.3.1)
  rack-ssl
  rack-test
  rake
  rfc-822
  rubocop (= 0.34.2)
  rugged
  saga
  sass
  sequel
  sinatra
  sinatra-contrib
  sinatra-twitter-bootstrap
  slim (< 2.0)
  terminal-table
  thin
  tobias-sinatra-url-for

RUBY VERSION
   ruby 2.6.3

BUNDLED WITH
   1.17.3
